GEM
  remote: http://rubygems.org/
  specs:
    addressable (2.2.6)
    crack (0.1.8)
    diff-lcs (1.1.2)
    nokogiri (1.4.4)
    rack (1.3.0)
    rspec (2.6.0)
      rspec-core (~> 2.6.0)
      rspec-expectations (~> 2.6.0)
      rspec-mocks (~> 2.6.0)
    rspec-core (2.6.3)
    rspec-expectations (2.6.0)
      diff-lcs (~> 1.1.2)
    rspec-mocks (2.6.0)
    sinatra (1.2.6)
      rack (~> 1.1)
      tilt (< 2.0, >= 1.2.2)
    tilt (1.3.2)
    webmock (1.6.4)
      addressable (> 2.2.5, ~> 2.2)
      crack (>= 0.1.7)

PLATFORMS
  ruby

DEPENDENCIES
  nokogiri
  rspec
  sinatra
  webmock
